GEM
  remote: https://rubygems.org/
  specs:
    addressable (2.5.2)
      public_suffix (>= 2.0.2, < 4.0)
    aquarium (0.5.1)
    awesome_print (1.8.0)
    bond (0.5.1)
    builder (3.2.3)
    coderay (1.1.2)
    debase (0.2.1)
      debase-ruby_core_source
    debase-ruby_core_source (0.9.11)
    deep_dive (0.3.5)
      json (~> 2.0, >= 2.0.2)
    descendants_tracker (0.0.4)
      thread_safe (~> 0.3, >= 0.3.1)
    diff-lcs (1.3)
    distribution (0.7.3)
    docile (1.1.5)
    faraday (0.12.2)
      multipart-post (>= 1.2, < 3)
    ffi (1.9.18)
    formatador (0.2.5)
    git (1.3.0)
    github_api (0.18.1)
      addressable (~> 2.4)
      descendants_tracker (~> 0.0.4)
      faraday (~> 0.8)
      hashie (>= 3.4)
      oauth2 (~> 1.0)
    guard (2.14.1)
      formatador (>= 0.2.4)
      listen (>= 2.7, < 4.0)
      lumberjack (~> 1.0)
      nenv (~> 0.1)
      notiffany (~> 0.0)
      pry (>= 0.9.12)
      shellany (~> 0.0)
      thor (>= 0.18.1)
    guard-compat (1.2.1)
    guard-rspec (4.7.3)
      guard (~> 2.1)
      guard-compat (~> 1.1)
      rspec (>= 2.99.0, < 4.0)
    hashie (3.5.6)
    highline (1.7.8)
    json (2.3.1)
    juwelier (2.4.7)
      builder
      bundler
      git
      github_api
      highline
      kamelcase (~> 0)
      nokogiri
      psych
      rake
      rdoc
      semver2
    jwt (1.5.6)
    kamelcase (0.0.1)
      semver2 (~> 3)
    listen (3.1.5)
      rb-fsevent (~> 0.9, >= 0.9.4)
      rb-inotify (~> 0.9, >= 0.9.7)
      ruby_dep (~> 1.2)
    lumberjack (1.0.12)
    method_source (0.9.0)
    mini_portile2 (2.3.0)
    multi_json (1.12.2)
    multi_xml (0.6.0)
    multipart-post (2.0.0)
    nenv (0.3.0)
    nokogiri (1.8.1)
      mini_portile2 (~> 2.3.0)
    notiffany (0.1.1)
      nenv (~> 0.1)
      shellany (~> 0.0)
    oauth2 (1.4.0)
      faraday (>= 0.8, < 0.13)
      jwt (~> 1.0)
      multi_json (~> 1.3)
      multi_xml (~> 0.5)
      rack (>= 1.2, < 3)
    pry (0.11.2)
      coderay (~> 1.1.0)
      method_source (~> 0.9.0)
    psych (2.2.4)
    public_suffix (3.0.0)
    queue_ding (0.1.5)
      aquarium (~> 0)
      json (~> 2.0, >= 2.0.2)
      semver2 (~> 3)
    rack (2.0.3)
    rake (12.2.1)
    rb-fsevent (0.10.2)
    rb-inotify (0.9.10)
      ffi (>= 0.5.0, < 2)
    rb-readline (0.5.5)
    rdoc (5.1.0)
    rspec (3.7.0)
      rspec-core (~> 3.7.0)
      rspec-expectations (~> 3.7.0)
      rspec-mocks (~> 3.7.0)
    rspec-core (3.7.0)
      rspec-support (~> 3.7.0)
    rspec-expectations (3.7.0)
      diff-lcs (>= 1.2.0, < 2.0)
      rspec-support (~> 3.7.0)
    rspec-mocks (3.7.0)
      diff-lcs (>= 1.2.0, < 2.0)
      rspec-support (~> 3.7.0)
    rspec-support (3.7.0)
    ruby_dep (1.5.0)
    semver2 (3.4.2)
    shellany (0.0.1)
    simplecov (0.15.1)
      docile (~> 1.1.0)
      json (>= 1.8, < 3)
      simplecov-html (~> 0.10.0)
    simplecov-html (0.10.2)
    statistics2 (0.54)
    thor (0.20.0)
    thread_safe (0.3.6)
    yard (0.9.9)

PLATFORMS
  ruby

DEPENDENCIES
  aquarium (~> 0)
  awesome_print (~> 1)
  bond (~> 0)
  debase (~> 0)
  deep_dive (~> 0)
  distribution (~> 0)
  guard (~> 2)
  guard-rspec (~> 4)
  json (~> 2.0, >= 2.0.2)
  juwelier
  queue_ding
  rb-readline (~> 0)
  rspec (~> 3)
  semver2 (~> 3)
  simplecov (~> 0)
  statistics2 (~> 0)
  thor (~> 0)
  yard (~> 0)

BUNDLED WITH
   1.14.6
